GEM
  remote: https://rubygems.org/
  specs:
    rack (1.5.2)
    rack-rewrite (1.5.0)

PLATFORMS
  ruby

DEPENDENCIES
  rack
  rack-rewrite
